PATH
  remote: .
  specs:
    graymatter (0.5.5)
      geomotion
      sugarcube

GEM
  remote: https://rubygems.org/
  specs:
    diff-lcs (1.2.4)
    geomotion (0.12.3)
    rspec (2.14.1)
      rspec-core (~> 2.14.0)
      rspec-expectations (~> 2.14.0)
      rspec-mocks (~> 2.14.0)
    rspec-core (2.14.5)
    rspec-expectations (2.14.2)
      diff-lcs (>= 1.1.3, < 2.0)
    rspec-mocks (2.14.3)
    sugarcube (1.1.0)
    teacup (2.1.10)

PLATFORMS
  ruby

DEPENDENCIES
  geomotion
  graymatter!
  rspec
  sugarcube
  teacup
